GEM
  remote: http://rubygems.org/
  specs:
    actionmailer (2.2.2)
      actionpack (= 2.2.2)
    actionpack (2.2.2)
      activesupport (= 2.2.2)
    activerecord (2.2.2)
      activesupport (= 2.2.2)
    activeresource (2.2.2)
      activesupport (= 2.2.2)
    activesupport (2.2.2)
    aws-s3 (0.6.2)
      builder
      mime-types
      xml-simple
    builder (3.1.4)
    daemons (1.1.9)
    eventmachine (1.0.0)
    mime-types (1.20.1)
    pg (0.14.1)
    rack (1.5.1)
    rails (2.2.2)
      actionmailer (= 2.2.2)
      actionpack (= 2.2.2)
      activerecord (= 2.2.2)
      activeresource (= 2.2.2)
      activesupport (= 2.2.2)
      rake (>= 0.8.3)
    rake (10.0.3)
    sqlite3 (1.3.5)
    thin (1.5.0)
      daemons (>= 1.0.9)
      eventmachine (>= 0.12.6)
      rack (>= 1.0.0)
    xml-simple (1.1.2)

PLATFORMS
  ruby

DEPENDENCIES
  aws-s3 (= 0.6.2)
  pg
  rails (= 2.2.2)
  sqlite3 (= 1.3.5)
  thin
